GEM
  remote: https://rubygems.org/
  specs:
    json-schema (2.1.3)

PLATFORMS
  ruby

DEPENDENCIES
  json-schema
